PATH
  remote: .
  specs:
    exclamation (0.0.1)

GEM
  remote: http://rubygems.org/
  specs:
    minitest (5.5.1)
    rake (10.4.2)

PLATFORMS
  ruby

DEPENDENCIES
  exclamation!
  minitest (~> 5.4)
  rake (~> 10.3)
