PATH
  remote: .
  specs:
    exclamation (0.1.3)

GEM
  remote: http://rubygems.org/
  specs:
    minitest (5.14.0)
    rake (13.0.1)

PLATFORMS
  ruby

DEPENDENCIES
  exclamation!
  minitest
  rake

BUNDLED WITH
   2.1.4
