PATH
  remote: .
  specs:
    exclamation (0.1.3)

GEM
  remote: http://rubygems.org/
  specs:
    minitest (5.14.0)
    rake (10.5.0)

PLATFORMS
  ruby

DEPENDENCIES
  exclamation!
  minitest (~> 5.4)
  rake (~> 10.3)

BUNDLED WITH
   2.1.4
